PATH
  remote: .
  specs:
    p (0.1.2)
      thor (~> 0.18.0)

GEM
  remote: https://rubygems.org/
  specs:
    minitest (5.0.8)
    rake (10.1.0)
    thor (0.18.1)

PLATFORMS
  ruby

DEPENDENCIES
  minitest (~> 5.0)
  p!
  rake (~> 10.0)
