PATH
  remote: .
  specs:
    p (0.1.2)

GEM
  remote: https://rubygems.org/
  specs:
    minitest (5.0.8)
    rake (10.1.0)

PLATFORMS
  ruby

DEPENDENCIES
  minitest
  p!
  rake
